{
  "AcquisitionMatrixPE": 106,
  "AcquisitionNumber": 1,
  "AcquisitionTime": "14:16:52.070000",
  "BandwidthPerPixelPhaseEncode": 16.846,
  "BaseResolution": 106,
  "BodyPartExamined": "BRAIN",
  "CoilCombinationMethod": "Sum of Squares",
  "ConsistencyInfo": "N4_VE11C_LATEST_20160120",
  "ConversionSoftware": "dcm2niix",
  "ConversionSoftwareVersion": "v1.0.20220720",
  "DerivedVendorReportedEchoSpacing": 0.000560012,
  "DeviceSerialNumber": "166108",
  "DwellTime": 1.8e-06,
  "EchoTime": 0.0352,
  "EchoTrainLength": 106,
  "EffectiveEchoSpacing": 0.000560012,
  "FlipAngle": 60,
  "HeudiconvVersion": "1.3.0",
  "ImageComments": "Unaliased MB4/PE3/LB",
  "ImageOrientationPatientDICOM": [1, 0, 0, 0, 0.936672, -0.350207],
  "ImageOrientationText": "Tra>Cor(-20.5)",
  "ImageType": [
    "ORIGINAL",
    "PRIMARY",
    "M",
    "MB",
    "ND",
    "MOSAIC"
],
  "ImagingFrequency": 123.244,
  "InPlanePhaseEncodingDirectionDICOM": "COL",
  "InstitutionAddress": "Bedford Way 26,London,London,GB,WC1H 0AP",
  "InstitutionName": "University College",
  "InstitutionalDepartmentName": "Department",
  "MRAcquisitionType": "2D",
  "MagneticFieldStrength": 3,
  "Manufacturer": "Siemens",
  "ManufacturersModelName": "Prisma",
  "MatrixCoilMode": "SENSE",
  "Modality": "MR",
  "MultibandAccelerationFactor": 4,
  "NonlinearGradientCorrection": false,
  "PartialFourier": 1,
  "PatientPosition": "HFS",
  "PercentPhaseFOV": 100,
  "PercentSampling": 100,
  "PhaseEncodingDirection": "j-",
  "PhaseEncodingSteps": 106,
  "PhaseResolution": 1,
  "PixelBandwidth": 2620,
  "ProcedureStepDescription": "Egor^MovieProject2",
  "ProtocolName": "func-bold_task-pRF_run-02",
  "PulseSequenceDetails": "%CustomerSeq%\\cmrr_mbep2d_bold",
  "ReceiveCoilActiveElements": "HEA;HEP",
  "ReceiveCoilName": "Head_32",
  "ReconMatrixPE": 106,
  "RepetitionTime": 1,
  "SAR": 0.0717682,
  "ScanOptions": "FS\\EXT",
  "ScanningSequence": "EP",
  "SequenceName": "epfid2d1_106",
  "SequenceVariant": "SK\\SS",
  "SeriesDescription": "func-bold_task-pRF_run-02",
  "SeriesNumber": 12,
  "ShimSetting": [-1606, 635, 7419, 548, -96, 22, 0, -3],
  "SliceThickness": 2,
  "SliceTiming": [0, 0.4075, 0.8175, 0.245, 0.6525, 0.0825, 0.49, 0.8975, 0.3275, 0.735, 0.1625, 0.5725, 0, 0.4075, 0.8175, 0.245, 0.6525, 0.0825, 0.49, 0.8975, 0.3275, 0.735, 0.1625, 0.5725, 0, 0.4075, 0.8175, 0.245, 0.6525, 0.0825, 0.49, 0.8975, 0.3275, 0.735, 0.1625, 0.5725, 0, 0.4075, 0.8175, 0.245, 0.6525, 0.0825, 0.49, 0.8975, 0.3275, 0.735, 0.1625, 0.5725],
  "SoftwareVersions": "syngo MR E11",
  "SpacingBetweenSlices": 2,
  "StationName": "AWP166108",
  "TaskName": "retinotopy",
  "TotalReadoutTime": 0.0588013,
  "TxRefAmp": 235.501,
  "WipMemBlock": "609882c5-f3ac-4e57-bbea-51c86f7e9cac||Sequence: R016 ve11c/master r/e634e98; Dec 19 2017 11:00:25 by eja",
  "dcmmeta_affine": [
    [-2.0, 0.0, 0.0, 106.0],
    [0.0, 1.8733443021774292, -0.7004148364067078, -68.07779693603516],
    [0.0, 0.7004148364067078, 1.8733444213867188, -55.36321258544922],
    [0.0, 0.0, 0.0, 1.0]
],
  "dcmmeta_reorient_transform": [
    [0.0, -1.0, 0.0, 105.0],
    [1.0, 0.0, 0.0, 0.0],
    [0.0, 0.0, 1.0, 0.0],
    [0.0, 0.0, 0.0, 1.0]
],
  "dcmmeta_shape": [106, 106, 48, 356],
  "dcmmeta_slice_dim": 2,
  "dcmmeta_version": 0.6,
  "global": {
    "const": {
      "AcquisitionMatrix": [106, 0, 0, 106],
      "AngioFlag": "N",
      "BitsAllocated": 16,
      "BitsStored": 16,
      "BodyPartExamined": "BRAIN",
      "CardiacNumberOfImages": 1,
      "Columns": 742,
      "EchoNumbers": 1,
      "EchoTime": 35.2,
      "EchoTrainLength": 106,
      "FlipAngle": 60.0,
      "HighBit": 15,
      "ImageOrientationPatient": [1.0, 0.0, 0.0, 0.0, 0.93667217980175, -0.3502074065257],
      "ImagePositionPatient": [-742.0, -724.34686466693, 240.91225478817],
      "ImageType": [
        "ORIGINAL",
        "PRIMARY",
        "M",
        "MB",
        "ND",
        "MOSAIC"
],
      "ImagedNucleus": "1H",
      "ImagingFrequency": 123.243675,
      "InPlanePhaseEncodingDirection": "COL",
      "MRAcquisitionType": "2D",
      "MagneticFieldStrength": 3.0,
      "Manufacturer": "SIEMENS",
      "ManufacturerModelName": "Prisma",
      "Modality": "MR",
      "NominalInterval": 0,
      "NumberOfAverages": 1.0,
      "NumberOfPhaseEncodingSteps": 106,
      "PercentPhaseFieldOfView": 100.0,
      "PercentSampling": 100.0,
      "PerformedProcedureStepStartTime": "131344.255000",
      "PhotometricInterpretation": "MONOCHROME2",
      "PixelBandwidth": 2620.0,
      "PixelRepresentation": 0,
      "PixelSpacing": [2.0, 2.0],
      "ProtocolName": "func-bold_task-pRF_run-02",
      "RepetitionTime": 1000.0,
      "Rows": 742,
      "SAR": 0.07176822460445,
      "SamplesPerPixel": 1,
      "ScanOptions": [
        "FS",
        "EXT"
],
      "ScanningSequence": "EP",
      "SequenceName": "epfid2d1_106",
      "SequenceVariant": [
        "SK",
        "SS"
],
      "SeriesDescription": "func-bold_task-pRF_run-02",
      "SeriesNumber": 12,
      "SeriesTime": "141723.750000",
      "SliceLocation": -28.01583006662,
      "SliceThickness": 2.0,
      "SmallestImagePixelValue": 0,
      "SoftwareVersions": "syngo MR E11",
      "SpacingBetweenSlices": 2.0000000062757,
      "SpecificCharacterSet": "ISO_IR 100",
      "StudyID": "1",
      "StudyTime": "131344.179000",
      "TransmitCoilName": "Body",
      "VariableFlipAngleFlag": "N",
      "WindowCenterWidthExplanation": "Algo1",
      "dBdt": 0.0},
