{
    "AcquisitionMatrixPE": 106,
    "AcquisitionNumber": 1,
    "AcquisitionTime": "13:56:59.567500",
    "BandwidthPerPixelPhaseEncode": 13.477,
    "BaseResolution": 106,
    "BodyPartExamined": "BRAIN",
    "CoilCombinationMethod": "Sum of Squares",
    "ConsistencyInfo": "N4_VE11C_LATEST_20160120",
    "ConversionSoftware": "dcm2niix",
    "ConversionSoftwareVersion": "v1.0.20220720",
    "DerivedVendorReportedEchoSpacing": 0.000700005,
    "DeviceSerialNumber": "166108",
    "DwellTime": 2.6e-06,
    "EchoTime": 0.03,
    "EchoTrainLength": 80,
    "EffectiveEchoSpacing": 0.000700005,
    "FlipAngle": 62,
    "HeudiconvVersion": "1.3.0",
    "ImageComments": "Unaliased MB4/PE3/LB",
    "ImageOrientationPatientDICOM": [
        1,
        0,
        0,
        0,
        0.991216,
        -0.132256
    ],
    "ImageOrientationText": "Tra>Cor(-7.6)",
    "ImageType": [
        "ORIGINAL",
        "PRIMARY",
        "M",
        "MB",
        "ND",
        "MOSAIC"
    ],
    "ImagingFrequency": 123.244,
    "InPlanePhaseEncodingDirectionDICOM": "COL",
    "InstitutionAddress": "Bedford Way 26,London,London,GB,WC1H 0AP",
    "InstitutionName": "University College",
    "InstitutionalDepartmentName": "Department",
    "MRAcquisitionType": "2D",
    "MagneticFieldStrength": 3,
    "Manufacturer": "Siemens",
    "ManufacturersModelName": "Prisma",
    "MatrixCoilMode": "SENSE",
    "Modality": "MR",
    "MultibandAccelerationFactor": 4,
    "NonlinearGradientCorrection": false,
    "PartialFourier": 0.75,
    "PatientPosition": "HFS",
    "PercentPhaseFOV": 100,
    "PercentSampling": 100,
    "PhaseEncodingDirection": "j",
    "PhaseEncodingSteps": 80,
    "PhaseResolution": 1,
    "PixelBandwidth": 1815,
    "ProcedureStepDescription": "Egor^MovieProject2",
    "ProtocolName": "func-bold_task-motor_PE-Rev",
    "PulseSequenceDetails": "%CustomerSeq%\\cmrr_mbep2d_bold",
    "ReceiveCoilActiveElements": "HEA;HEP",
    "ReceiveCoilName": "Head_32",
    "ReconMatrixPE": 106,
    "RepetitionTime": 1,
    "SAR": 0.0317356,
    "ScanOptions": "PFP\\FS\\EXT",
    "ScanningSequence": "EP",
    "SequenceName": "epfid2d1_106",
    "SequenceVariant": "SK\\SS",
    "SeriesDescription": "func-bold_task-motor_PE-Rev",
    "SeriesNumber": 8,
    "ShimSetting": [
        -1615,
        634,
        7399,
        464,
        -136,
        0,
        7,
        4
    ],
    "SliceThickness": 2,
    "SliceTiming": [
        0,
        0.535,
        0.09,
        0.6225,
        0.1775,
        0.7125,
        0.2675,
        0.8025,
        0.355,
        0.89,
        0.445,
        0,
        0.535,
        0.09,
        0.6225,
        0.1775,
        0.7125,
        0.2675,
        0.8025,
        0.355,
        0.89,
        0.445,
        0,
        0.535,
        0.09,
        0.6225,
        0.1775,
        0.7125,
        0.2675,
        0.8025,
        0.355,
        0.89,
        0.445,
        0,
        0.535,
        0.09,
        0.6225,
        0.1775,
        0.7125,
        0.2675,
        0.8025,
        0.355,
        0.89,
        0.445
    ],
    "SoftwareVersions": "syngo MR E11",
    "SpacingBetweenSlices": 2,
    "StationName": "AWP166108",
    "TotalReadoutTime": 0.0735005,
    "TxRefAmp": 235.501,
    "WipMemBlock": "f3165232-dff1-47e2-a71b-76d4447f9135||Sequence: R016 ve11c/master r/e634e98; Dec 19 2017 11:00:25 by eja",
    "dcmmeta_affine": [
        [
            -2.0,
            0.0,
            0.0,
            106.0
        ],
        [
            0.0,
            1.9824310541152954,
            -0.2645127773284912,
            -85.73191833496094
        ],
        [
            0.0,
            0.2645128071308136,
            1.9824310541152954,
            -21.544403076171875
        ],
        [
            0.0,
            0.0,
            0.0,
            1.0
        ]
    ],
    "dcmmeta_reorient_transform": [
        [
            0.0,
            -1.0,
            0.0,
            105.0
        ],
        [
            1.0,
            0.0,
            0.0,
            0.0
        ],
        [
            0.0,
            0.0,
            1.0,
            0.0
        ],
        [
            0.0,
            0.0,
            0.0,
            1.0
        ]
    ],
    "dcmmeta_shape": [
        106,
        106,
        44,
        2
    ],
    "dcmmeta_slice_dim": 2,
    "dcmmeta_version": 0.6,
    "global": {
        "const": {
            "AcquisitionMatrix": [
                106,
                0,
                0,
                106
            ],
            "AngioFlag": "N",
            "BitsAllocated": 16,
            "BitsStored": 16,
            "BodyPartExamined": "BRAIN",
            "CardiacNumberOfImages": 1,
            "Columns": 742,
            "EchoNumbers": 1,
            "EchoTime": 30.0,
            "EchoTrainLength": 80,
            "FlipAngle": 62.0,
            "HighBit": 15,
            "ImageOrientationPatient": [
                1.0,
                0.0,
                0.0,
                0.0,
                0.99121553937119,
                -0.132256396855
            ],
            "ImagePositionPatient": [
                -742.0,
                -752.83642430827,
                90.344508288172
            ],
            "ImageType": [
                "ORIGINAL",
                "PRIMARY",
                "M",
                "MB",
                "ND",
                "MOSAIC"
            ],
            "ImagedNucleus": "1H",
            "ImagingFrequency": 123.243678,
            "InPlanePhaseEncodingDirection": "COL",
            "MRAcquisitionType": "2D",
            "MagneticFieldStrength": 3.0,
            "Manufacturer": "SIEMENS",
            "ManufacturerModelName": "Prisma",
            "Modality": "MR",
            "NominalInterval": 0,
            "NumberOfAverages": 1.0,
            "NumberOfPhaseEncodingSteps": 80,
            "PercentPhaseFieldOfView": 100.0,
            "PercentSampling": 100.0,
            "PerformedProcedureStepStartTime": "131344.255000",
            "PhotometricInterpretation": "MONOCHROME2",
            "PixelBandwidth": 1815.0,
            "PixelRepresentation": 0,
            "PixelSpacing": [
                2.0,
                2.0
            ],
            "ProtocolName": "func-bold_task-motor_PE-Rev",
            "RepetitionTime": 1000.0,
            "Rows": 742,
            "SAR": 0.03173563540942,
            "SamplesPerPixel": 1,
            "ScanOptions": [
                "PFP",
                "FS",
                "EXT"
            ],
            "ScanningSequence": "EP",
            "SequenceName": "epfid2d1_106",
            "SequenceVariant": [
                "SK",
                "SS"
            ],
            "SeriesDescription": "func-bold_task-motor_PE-Rev",
            "SeriesNumber": 8,
            "SeriesTime": "135710.843000",
            "SliceLocation": -10.016552388144,
            "SliceThickness": 2.0,
            "SmallestImagePixelValue": 0,
            "SoftwareVersions": "syngo MR E11",
            "SpacingBetweenSlices": 1.9999999424619,
            "SpecificCharacterSet": "ISO_IR 100",
            "StudyID": "1",
            "StudyTime": "131344.179000",
            "TransmitCoilName": "Body",
            "VariableFlipAngleFlag": "N",
            "WindowCenterWidthExplanation": "Algo1",
            "dBdt": 0.0
        },
        "slices": {}
    },
    "time": {
        "samples": {
            "AcquisitionNumber": [
                1,
                2
            ],
            "AcquisitionTime": [
                "135659.567500",
                "135700.567500"
            ],
            "ContentTime": [
                "135710.846000",
                "135710.849000"
            ],
            "InstanceCreationTime": [
                "135710.846000",
                "135710.849000"
            ],
            "InstanceNumber": [
                1,
                2
            ],
            "LargestImagePixelValue": [
                13583,
                13439
            ],
            "TriggerTime": [
                8100.0,
                9100.0
            ],
            "WindowCenter": [
                4365.0,
                4367.0
            ],
            "WindowWidth": [
                9799.0,
                9800.0
            ]
        },
        "slices": {}
    },
    "IntendedFor": [
        "ses-002/func/sub-44_ses-002_task-somatotopy_run-001_bold.nii.gz",
        "ses-002/func/sub-44_ses-002_task-somatotopy_run-002_bold.nii.gz"
    ]
}