{
    "AcquisitionMatrixPE": 106,
    "AcquisitionNumber": 1,
    "AcquisitionTime": "20:10:38.562500",
    "BandwidthPerPixelPhaseEncode": 13.477,
    "BaseResolution": 106,
    "BodyPartExamined": "BRAIN",
    "CoilCombinationMethod": "Sum of Squares",
    "ConsistencyInfo": "N4_VE11C_LATEST_20160120",
    "ConversionSoftware": "dcm2niix",
    "ConversionSoftwareVersion": "v1.0.20220720",
    "DerivedVendorReportedEchoSpacing": 0.000700005,
    "DeviceSerialNumber": "166108",
    "DwellTime": 2.6e-06,
    "EchoTime": 0.03,
    "EchoTrainLength": 80,
    "EffectiveEchoSpacing": 0.000700005,
    "FlipAngle": 62,
    "HeudiconvVersion": "1.3.0",
    "ImageComments": "Unaliased MB4/PE3/LB",
    "ImageOrientationPatientDICOM": [
        1,
        0,
        0,
        0,
        0.931691,
        -0.363251
    ],
    "ImageOrientationText": "Tra>Cor(-21.3)",
    "ImageType": [
        "ORIGINAL",
        "PRIMARY",
        "M",
        "MB",
        "ND",
        "MOSAIC"
    ],
    "ImagingFrequency": 123.244,
    "InPlanePhaseEncodingDirectionDICOM": "COL",
    "InstitutionAddress": "Bedford Way 26,London,London,GB,WC1H 0AP",
    "InstitutionName": "University College",
    "InstitutionalDepartmentName": "Department",
    "MRAcquisitionType": "2D",
    "MagneticFieldStrength": 3,
    "Manufacturer": "Siemens",
    "ManufacturersModelName": "Prisma",
    "MatrixCoilMode": "SENSE",
    "Modality": "MR",
    "MultibandAccelerationFactor": 4,
    "NonlinearGradientCorrection": false,
    "PartialFourier": 0.75,
    "PatientPosition": "HFS",
    "PercentPhaseFOV": 100,
    "PercentSampling": 100,
    "PhaseEncodingDirection": "j",
    "PhaseEncodingSteps": 80,
    "PhaseResolution": 1,
    "PixelBandwidth": 1815,
    "ProcedureStepDescription": "Egor^MovieProject2",
    "ProtocolName": "func-bold_task-tono_PE-Rev",
    "PulseSequenceDetails": "%CustomerSeq%\\cmrr_mbep2d_bold",
    "ReceiveCoilActiveElements": "HEA;HEP",
    "ReceiveCoilName": "Head_32",
    "ReconMatrixPE": 106,
    "RepetitionTime": 1,
    "SAR": 0.0458464,
    "ScanOptions": "PFP\\FS\\EXT",
    "ScanningSequence": "EP",
    "SequenceName": "epfid2d1_106",
    "SequenceVariant": "SK\\SS",
    "SeriesDescription": "func-bold_task-tono_PE-Rev",
    "SeriesNumber": 22,
    "ShimSetting": [
        -1523,
        612,
        7433,
        185,
        -207,
        75,
        315,
        -27
    ],
    "SliceThickness": 2,
    "SliceTiming": [
        0,
        0.535,
        0.09,
        0.6225,
        0.1775,
        0.7125,
        0.2675,
        0.8025,
        0.355,
        0.89,
        0.445,
        0,
        0.535,
        0.09,
        0.6225,
        0.1775,
        0.7125,
        0.2675,
        0.8025,
        0.355,
        0.89,
        0.445,
        0,
        0.535,
        0.09,
        0.6225,
        0.1775,
        0.7125,
        0.2675,
        0.8025,
        0.355,
        0.89,
        0.445,
        0,
        0.535,
        0.09,
        0.6225,
        0.1775,
        0.7125,
        0.2675,
        0.8025,
        0.355,
        0.89,
        0.445
    ],
    "SoftwareVersions": "syngo MR E11",
    "SpacingBetweenSlices": 2,
    "StationName": "AWP166108",
    "TotalReadoutTime": 0.0735005,
    "TxRefAmp": 306.869,
    "WipMemBlock": "7b6cae9e-d455-47fd-b51a-946510e994dc||Sequence: R016 ve11c/master r/e634e98; Dec 19 2017 11:00:25 by eja",
    "dcmmeta_affine": [
        [
            -2.0,
            0.0,
            0.0,
            106.0
        ],
        [
            0.0,
            1.8633824586868286,
            -0.7265024781227112,
            -57.2811164855957
        ],
        [
            0.0,
            0.7265024781227112,
            1.8633824586868286,
            -69.49444580078125
        ],
        [
            0.0,
            0.0,
            0.0,
            1.0
        ]
    ],
    "dcmmeta_reorient_transform": [
        [
            0.0,
            -1.0,
            0.0,
            105.0
        ],
        [
            1.0,
            0.0,
            0.0,
            0.0
        ],
        [
            0.0,
            0.0,
            1.0,
            0.0
        ],
        [
            0.0,
            0.0,
            0.0,
            1.0
        ]
    ],
    "dcmmeta_shape": [
        106,
        106,
        44,
        2
    ],
    "dcmmeta_slice_dim": 2,
    "dcmmeta_version": 0.6,
    "global": {
        "const": {
            "AcquisitionMatrix": [
                106,
                0,
                0,
                106
            ],
            "AngioFlag": "N",
            "BitsAllocated": 16,
            "BitsStored": 16,
            "BodyPartExamined": "BRAIN",
            "CardiacNumberOfImages": 1,
            "Columns": 742,
            "EchoNumbers": 1,
            "EchoTime": 30.0,
            "EchoTrainLength": 80,
            "FlipAngle": 62.0,
            "HighBit": 15,
            "ImageOrientationPatient": [
                1.0,
                0.0,
                0.0,
                0.0,
                0.9316912255195,
                -0.3632512357721
            ],
            "ImagePositionPatient": [
                -742.0,
                -730.9296621321,
                237.81609881243
            ],
            "ImageType": [
                "ORIGINAL",
                "PRIMARY",
                "M",
                "MB",
                "ND",
                "MOSAIC"
            ],
            "ImagedNucleus": "1H",
            "ImagingFrequency": 123.243596,
            "InPlanePhaseEncodingDirection": "COL",
            "MRAcquisitionType": "2D",
            "MagneticFieldStrength": 3.0,
            "Manufacturer": "SIEMENS",
            "ManufacturerModelName": "Prisma",
            "Modality": "MR",
            "NominalInterval": 0,
            "NumberOfAverages": 1.0,
            "NumberOfPhaseEncodingSteps": 80,
            "PercentPhaseFieldOfView": 100.0,
            "PercentSampling": 100.0,
            "PerformedProcedureStepStartTime": "184454.599000",
            "PhotometricInterpretation": "MONOCHROME2",
            "PixelBandwidth": 1815.0,
            "PixelRepresentation": 0,
            "PixelSpacing": [
                2.0,
                2.0
            ],
            "ProtocolName": "func-bold_task-tono_PE-Rev",
            "RepetitionTime": 1000.0,
            "Rows": 742,
            "SAR": 0.04584636543075,
            "SamplesPerPixel": 1,
            "ScanOptions": [
                "PFP",
                "FS",
                "EXT"
            ],
            "ScanningSequence": "EP",
            "SequenceName": "epfid2d1_106",
            "SequenceVariant": [
                "SK",
                "SS"
            ],
            "SeriesDescription": "func-bold_task-tono_PE-Rev",
            "SeriesNumber": 22,
            "SeriesTime": "201050.484000",
            "SliceLocation": -43.939930481174,
            "SliceThickness": 2.0,
            "SmallestImagePixelValue": 0,
            "SoftwareVersions": "syngo MR E11",
            "SpacingBetweenSlices": 1.9999999675077,
            "SpecificCharacterSet": "ISO_IR 100",
            "StudyID": "1",
            "StudyTime": "184454.539000",
            "TransmitCoilName": "Body",
            "VariableFlipAngleFlag": "N",
            "WindowCenterWidthExplanation": "Algo1",
            "dBdt": 0.0
        },
        "slices": {}
    },
    "time": {
        "samples": {
            "AcquisitionNumber": [
                1,
                2
            ],
            "AcquisitionTime": [
                "201038.562500",
                "201039.562500"
            ],
            "ContentTime": [
                "201050.486000",
                "201050.490000"
            ],
            "InstanceCreationTime": [
                "201050.486000",
                "201050.490000"
            ],
            "InstanceNumber": [
                1,
                2
            ],
            "LargestImagePixelValue": [
                9124,
                8923
            ],
            "TriggerTime": [
                8100.0,
                9100.0
            ],
            "WindowCenter": [
                3908.0,
                3898.0
            ],
            "WindowWidth": [
                8862.0,
                8848.0
            ]
        },
        "slices": {}
    },
    "IntendedFor": [
        "ses-002/func/sub-30_ses-002_task-tonotopy_run-002_bold.nii.gz",
        "ses-002/func/sub-30_ses-002_task-tonotopy_run-001_bold.nii.gz"
    ]
}