{
    "AcquisitionMatrixPE": 106,
    "AcquisitionNumber": 1,
    "AcquisitionTime": "11:32:36.527500",
    "BandwidthPerPixelPhaseEncode": 13.477,
    "BaseResolution": 106,
    "BodyPartExamined": "BRAIN",
    "CoilCombinationMethod": "Sum of Squares",
    "ConsistencyInfo": "N4_VE11C_LATEST_20160120",
    "ConversionSoftware": "dcm2niix",
    "ConversionSoftwareVersion": "v1.0.20220720",
    "DerivedVendorReportedEchoSpacing": 0.000700005,
    "DeviceSerialNumber": "166108",
    "DwellTime": 2.6e-06,
    "EchoTime": 0.03,
    "EchoTrainLength": 80,
    "EffectiveEchoSpacing": 0.000700005,
    "FlipAngle": 62,
    "HeudiconvVersion": "1.3.0",
    "ImageComments": "Unaliased MB4/PE3/LB",
    "ImageOrientationPatientDICOM": [
        1,
        0,
        0,
        0,
        0.96363,
        -0.267238
    ],
    "ImageOrientationText": "Tra>Cor(-15.5)",
    "ImageType": [
        "ORIGINAL",
        "PRIMARY",
        "M",
        "MB",
        "ND",
        "MOSAIC"
    ],
    "ImagingFrequency": 123.244,
    "InPlanePhaseEncodingDirectionDICOM": "COL",
    "InstitutionAddress": "Bedford Way 26,London,London,GB,WC1H 0AP",
    "InstitutionName": "University College",
    "InstitutionalDepartmentName": "Department",
    "MRAcquisitionType": "2D",
    "MagneticFieldStrength": 3,
    "Manufacturer": "Siemens",
    "ManufacturersModelName": "Prisma",
    "MatrixCoilMode": "SENSE",
    "Modality": "MR",
    "MultibandAccelerationFactor": 4,
    "NonlinearGradientCorrection": false,
    "PartialFourier": 0.75,
    "PatientPosition": "HFS",
    "PercentPhaseFOV": 100,
    "PercentSampling": 100,
    "PhaseEncodingDirection": "j",
    "PhaseEncodingSteps": 80,
    "PhaseResolution": 1,
    "PixelBandwidth": 1815,
    "ProcedureStepDescription": "Egor^MovieProject2",
    "ProtocolName": "func-bold_task-tono_PE-Rev",
    "PulseSequenceDetails": "%CustomerSeq%\\cmrr_mbep2d_bold",
    "ReceiveCoilActiveElements": "HEA;HEP",
    "ReceiveCoilName": "Head_32",
    "ReconMatrixPE": 106,
    "RepetitionTime": 1,
    "SAR": 0.0355496,
    "ScanOptions": "PFP\\FS\\EXT",
    "ScanningSequence": "EP",
    "SequenceName": "epfid2d1_106",
    "SequenceVariant": "SK\\SS",
    "SeriesDescription": "func-bold_task-tono_PE-Rev",
    "SeriesNumber": 22,
    "ShimSetting": [
        -1523,
        615,
        7369,
        179,
        -163,
        107,
        238,
        -61
    ],
    "SliceThickness": 2,
    "SliceTiming": [
        0,
        0.5325,
        0.0875,
        0.6225,
        0.1775,
        0.7125,
        0.2675,
        0.8,
        0.355,
        0.89,
        0.445,
        0,
        0.5325,
        0.0875,
        0.6225,
        0.1775,
        0.7125,
        0.2675,
        0.8,
        0.355,
        0.89,
        0.445,
        0,
        0.5325,
        0.0875,
        0.6225,
        0.1775,
        0.7125,
        0.2675,
        0.8,
        0.355,
        0.89,
        0.445,
        0,
        0.5325,
        0.0875,
        0.6225,
        0.1775,
        0.7125,
        0.2675,
        0.8,
        0.355,
        0.89,
        0.445
    ],
    "SoftwareVersions": "syngo MR E11",
    "SpacingBetweenSlices": 2,
    "StationName": "AWP166108",
    "TotalReadoutTime": 0.0735005,
    "TxRefAmp": 263.919,
    "WipMemBlock": "1e590ba5-2c72-460d-9a89-1ea3e46d6bf6||Sequence: R016 ve11c/master r/e634e98; Dec 19 2017 11:00:25 by eja",
    "dcmmeta_affine": [
        [
            -2.0,
            0.0,
            0.0,
            106.0
        ],
        [
            0.0,
            1.9272608757019043,
            -0.5344767570495605,
            -73.36749267578125
        ],
        [
            0.0,
            0.5344767570495605,
            1.9272609949111938,
            -54.096954345703125
        ],
        [
            0.0,
            0.0,
            0.0,
            1.0
        ]
    ],
    "dcmmeta_reorient_transform": [
        [
            0.0,
            -1.0,
            0.0,
            105.0
        ],
        [
            1.0,
            0.0,
            0.0,
            0.0
        ],
        [
            0.0,
            0.0,
            1.0,
            0.0
        ],
        [
            0.0,
            0.0,
            0.0,
            1.0
        ]
    ],
    "dcmmeta_shape": [
        106,
        106,
        44,
        2
    ],
    "dcmmeta_slice_dim": 2,
    "dcmmeta_version": 0.6,
    "global": {
        "const": {
            "AcquisitionMatrix": [
                106,
                0,
                0,
                106
            ],
            "AngioFlag": "N",
            "BitsAllocated": 16,
            "BitsStored": 16,
            "BodyPartExamined": "BRAIN",
            "CardiacNumberOfImages": 1,
            "Columns": 742,
            "EchoNumbers": 1,
            "EchoTime": 30.0,
            "EchoTrainLength": 80,
            "FlipAngle": 62.0,
            "HighBit": 15,
            "ImageOrientationPatient": [
                1.0,
                0.0,
                0.0,
                0.0,
                0.9636304558474,
                -0.2672383665631
            ],
            "ImagePositionPatient": [
                -742.0,
                -741.86387491419,
                171.98670501073
            ],
            "ImageType": [
                "ORIGINAL",
                "PRIMARY",
                "M",
                "MB",
                "ND",
                "MOSAIC"
            ],
            "ImagedNucleus": "1H",
            "ImagingFrequency": 123.243636,
            "InPlanePhaseEncodingDirection": "COL",
            "MRAcquisitionType": "2D",
            "MagneticFieldStrength": 3.0,
            "Manufacturer": "SIEMENS",
            "ManufacturerModelName": "Prisma",
            "Modality": "MR",
            "NominalInterval": 0,
            "NumberOfAverages": 1.0,
            "NumberOfPhaseEncodingSteps": 80,
            "PercentPhaseFieldOfView": 100.0,
            "PercentSampling": 100.0,
            "PerformedProcedureStepStartTime": "101421.254000",
            "PhotometricInterpretation": "MONOCHROME2",
            "PixelBandwidth": 1815.0,
            "PixelRepresentation": 0,
            "PixelSpacing": [
                2.0,
                2.0
            ],
            "ProtocolName": "func-bold_task-tono_PE-Rev",
            "RepetitionTime": 1000.0,
            "Rows": 742,
            "SAR": 0.03554956649232,
            "SamplesPerPixel": 1,
            "ScanOptions": [
                "PFP",
                "FS",
                "EXT"
            ],
            "ScanningSequence": "EP",
            "SequenceName": "epfid2d1_106",
            "SequenceVariant": [
                "SK",
                "SS"
            ],
            "SeriesDescription": "func-bold_task-tono_PE-Rev",
            "SeriesNumber": 22,
            "SeriesTime": "113248.186000",
            "SliceLocation": -32.522863195093,
            "SliceThickness": 2.0,
            "SmallestImagePixelValue": 0,
            "SoftwareVersions": "syngo MR E11",
            "SpacingBetweenSlices": 2.0000000479926,
            "SpecificCharacterSet": "ISO_IR 100",
            "StudyID": "1",
            "StudyTime": "101421.196000",
            "TransmitCoilName": "Body",
            "VariableFlipAngleFlag": "N",
            "WindowCenter": 4475.0,
            "WindowCenterWidthExplanation": "Algo1",
            "dBdt": 0.0
        },
        "slices": {}
    },
    "time": {
        "samples": {
            "AcquisitionNumber": [
                1,
                2
            ],
            "AcquisitionTime": [
                "113236.527500",
                "113237.527500"
            ],
            "ContentTime": [
                "113248.188000",
                "113248.191000"
            ],
            "InstanceCreationTime": [
                "113248.188000",
                "113248.191000"
            ],
            "InstanceNumber": [
                1,
                2
            ],
            "LargestImagePixelValue": [
                13533,
                13153
            ],
            "TriggerTime": [
                8100.0,
                9100.0
            ],
            "WindowWidth": [
                9976.0,
                9975.0
            ]
        },
        "slices": {}
    },
    "IntendedFor": [
        "ses-002/func/sub-38_ses-002_task-tonotopy_run-002_bold.nii.gz",
        "ses-002/func/sub-38_ses-002_task-tonotopy_run-001_bold.nii.gz"
    ]
}