{
    "AcquisitionMatrixPE": 106,
    "AcquisitionNumber": 1,
    "AcquisitionTime": "13:24:47.517500",
    "BandwidthPerPixelPhaseEncode": 13.477,
    "BaseResolution": 106,
    "BodyPartExamined": "BRAIN",
    "CoilCombinationMethod": "Sum of Squares",
    "ConsistencyInfo": "N4_VE11C_LATEST_20160120",
    "ConversionSoftware": "dcm2niix",
    "ConversionSoftwareVersion": "v1.0.20220720",
    "DerivedVendorReportedEchoSpacing": 0.000700005,
    "DeviceSerialNumber": "166108",
    "DwellTime": 2.6e-06,
    "EchoTime": 0.03,
    "EchoTrainLength": 80,
    "EffectiveEchoSpacing": 0.000700005,
    "FlipAngle": 62,
    "HeudiconvVersion": "1.3.0",
    "ImageComments": "Unaliased MB4/PE3/LB",
    "ImageOrientationPatientDICOM": [
        1,
        0,
        0,
        0,
        0.985109,
        -0.171929
    ],
    "ImageOrientationText": "Tra>Cor(-9.9)",
    "ImageType": [
        "ORIGINAL",
        "PRIMARY",
        "M",
        "MB",
        "ND",
        "MOSAIC"
    ],
    "ImagingFrequency": 123.244,
    "InPlanePhaseEncodingDirectionDICOM": "COL",
    "InstitutionAddress": "Bedford Way 26,London,London,GB,WC1H 0AP",
    "InstitutionName": "University College",
    "InstitutionalDepartmentName": "Department",
    "MRAcquisitionType": "2D",
    "MagneticFieldStrength": 3,
    "Manufacturer": "Siemens",
    "ManufacturersModelName": "Prisma",
    "MatrixCoilMode": "SENSE",
    "Modality": "MR",
    "MultibandAccelerationFactor": 4,
    "NonlinearGradientCorrection": false,
    "PartialFourier": 0.75,
    "PatientPosition": "HFS",
    "PercentPhaseFOV": 100,
    "PercentSampling": 100,
    "PhaseEncodingDirection": "j",
    "PhaseEncodingSteps": 80,
    "PhaseResolution": 1,
    "PixelBandwidth": 1815,
    "ProcedureStepDescription": "Egor^MovieProject2",
    "ProtocolName": "func-bold_task-motor_PE-Rev",
    "PulseSequenceDetails": "%CustomerSeq%\\cmrr_mbep2d_bold",
    "ReceiveCoilActiveElements": "HEA;HEP",
    "ReceiveCoilName": "Head_32",
    "ReconMatrixPE": 106,
    "RepetitionTime": 1,
    "SAR": 0.0378412,
    "ScanOptions": "PFP\\FS\\EXT",
    "ScanningSequence": "EP",
    "SequenceName": "epfid2d1_106",
    "SequenceVariant": "SK\\SS",
    "SeriesDescription": "func-bold_task-motor_PE-Rev",
    "SeriesNumber": 8,
    "ShimSetting": [
        -1537,
        617,
        7396,
        197,
        -45,
        131,
        8,
        -83
    ],
    "SliceThickness": 2,
    "SliceTiming": [
        0,
        0.535,
        0.0875,
        0.6225,
        0.1775,
        0.7125,
        0.2675,
        0.8,
        0.355,
        0.89,
        0.445,
        0,
        0.535,
        0.0875,
        0.6225,
        0.1775,
        0.7125,
        0.2675,
        0.8,
        0.355,
        0.89,
        0.445,
        0,
        0.535,
        0.0875,
        0.6225,
        0.1775,
        0.7125,
        0.2675,
        0.8,
        0.355,
        0.89,
        0.445,
        0,
        0.535,
        0.0875,
        0.6225,
        0.1775,
        0.7125,
        0.2675,
        0.8,
        0.355,
        0.89,
        0.445
    ],
    "SoftwareVersions": "syngo MR E11",
    "SpacingBetweenSlices": 2,
    "StationName": "AWP166108",
    "TotalReadoutTime": 0.0735005,
    "TxRefAmp": 220.584,
    "WipMemBlock": "e73b12f4-8fac-41ee-8944-3b8299c55ce4||Sequence: R016 ve11c/master r/e634e98; Dec 19 2017 11:00:25 by eja",
    "dcmmeta_affine": [
        [
            -2.0,
            0.0,
            0.0,
            106.0
        ],
        [
            0.0,
            1.9702186584472656,
            -0.3438582122325897,
            -92.64395904541016
        ],
        [
            0.0,
            0.3438582122325897,
            1.9702186584472656,
            -16.771652221679688
        ],
        [
            0.0,
            0.0,
            0.0,
            1.0
        ]
    ],
    "dcmmeta_reorient_transform": [
        [
            0.0,
            -1.0,
            0.0,
            105.0
        ],
        [
            1.0,
            0.0,
            0.0,
            0.0
        ],
        [
            0.0,
            0.0,
            1.0,
            0.0
        ],
        [
            0.0,
            0.0,
            0.0,
            1.0
        ]
    ],
    "dcmmeta_shape": [
        106,
        106,
        44,
        2
    ],
    "dcmmeta_slice_dim": 2,
    "dcmmeta_version": 0.6,
    "global": {
        "const": {
            "AcquisitionMatrix": [
                106,
                0,
                0,
                106
            ],
            "AngioFlag": "N",
            "BitsAllocated": 16,
            "BitsStored": 16,
            "BodyPartExamined": "BRAIN",
            "CardiacNumberOfImages": 1,
            "Columns": 742,
            "EchoNumbers": 1,
            "EchoTime": 30.0,
            "EchoTrainLength": 80,
            "FlipAngle": 62.0,
            "HighBit": 15,
            "ImageOrientationPatient": [
                1.0,
                0.0,
                0.0,
                0.0,
                0.98510932620277,
                -0.1719291000044
            ],
            "ImagePositionPatient": [
                -742.0,
                -740.75852932895,
                128.68036582561
            ],
            "ImageType": [
                "ORIGINAL",
                "PRIMARY",
                "M",
                "MB",
                "ND",
                "MOSAIC"
            ],
            "ImagedNucleus": "1H",
            "ImagingFrequency": 123.24364,
            "InPlanePhaseEncodingDirection": "COL",
            "MRAcquisitionType": "2D",
            "MagneticFieldStrength": 3.0,
            "Manufacturer": "SIEMENS",
            "ManufacturerModelName": "Prisma",
            "Modality": "MR",
            "NominalInterval": 0,
            "NumberOfAverages": 1.0,
            "NumberOfPhaseEncodingSteps": 80,
            "PercentPhaseFieldOfView": 100.0,
            "PercentSampling": 100.0,
            "PerformedProcedureStepStartTime": "123743.674000",
            "PhotometricInterpretation": "MONOCHROME2",
            "PixelBandwidth": 1815.0,
            "PixelRepresentation": 0,
            "PixelSpacing": [
                2.0,
                2.0
            ],
            "ProtocolName": "func-bold_task-motor_PE-Rev",
            "RepetitionTime": 1000.0,
            "Rows": 742,
            "SAR": 0.03784124624303,
            "SamplesPerPixel": 1,
            "ScanOptions": [
                "PFP",
                "FS",
                "EXT"
            ],
            "ScanningSequence": "EP",
            "SequenceName": "epfid2d1_106",
            "SequenceVariant": [
                "SK",
                "SS"
            ],
            "SeriesDescription": "func-bold_task-motor_PE-Rev",
            "SeriesNumber": 8,
            "SeriesTime": "132459.257000",
            "SliceLocation": -0.5937187941406,
            "SliceThickness": 2.0,
            "SmallestImagePixelValue": 0,
            "SoftwareVersions": "syngo MR E11",
            "SpacingBetweenSlices": 2.0000000265748,
            "SpecificCharacterSet": "ISO_IR 100",
            "StudyID": "1",
            "StudyTime": "123743.529000",
            "TransmitCoilName": "Body",
            "VariableFlipAngleFlag": "N",
            "WindowCenterWidthExplanation": "Algo1",
            "dBdt": 0.0
        },
        "slices": {}
    },
    "time": {
        "samples": {
            "AcquisitionNumber": [
                1,
                2
            ],
            "AcquisitionTime": [
                "132447.517500",
                "132448.517500"
            ],
            "ContentTime": [
                "132459.259000",
                "132459.262000"
            ],
            "InstanceCreationTime": [
                "132459.259000",
                "132459.262000"
            ],
            "InstanceNumber": [
                1,
                2
            ],
            "LargestImagePixelValue": [
                12662,
                12596
            ],
            "TriggerTime": [
                8100.0,
                9100.0
            ],
            "WindowCenter": [
                5184.0,
                5162.0
            ],
            "WindowWidth": [
                11341.0,
                11294.0
            ]
        },
        "slices": {}
    },
    "IntendedFor": [
        "ses-002/func/sub-32_ses-002_task-somatotopy_run-001_bold.nii.gz",
        "ses-002/func/sub-32_ses-002_task-somatotopy_run-002_bold.nii.gz"
    ]
}