{
  "AcquisitionMatrixPE": 106,
  "AcquisitionNumber": 1,
  "AcquisitionTime": "14:34:18.632500",
  "BandwidthPerPixelPhaseEncode": 16.846,
  "BaseResolution": 106,
  "BodyPartExamined": "BRAIN",
  "CoilCombinationMethod": "Sum of Squares",
  "ConsistencyInfo": "N4_VE11C_LATEST_20160120",
  "ConversionSoftware": "dcm2niix",
  "ConversionSoftwareVersion": "v1.0.20220720",
  "DerivedVendorReportedEchoSpacing": 0.000560012,
  "DeviceSerialNumber": "166108",
  "DwellTime": 1.8e-06,
  "EchoTime": 0.0352,
  "EchoTrainLength": 106,
  "EffectiveEchoSpacing": 0.000560012,
  "FlipAngle": 60,
  "HeudiconvVersion": "1.3.0",
  "ImageComments": "Single-band reference",
  "ImageOrientationPatientDICOM": [1, 0, 0, 0, 1, 0],
  "ImageOrientationText": "Tra",
  "ImageType": [
    "ORIGINAL",
    "PRIMARY",
    "M",
    "ND",
    "MOSAIC"
],
  "ImagingFrequency": 123.244,
  "InPlanePhaseEncodingDirectionDICOM": "COL",
  "InstitutionAddress": "Bedford Way 26,London,London,GB,WC1H 0AP",
  "InstitutionName": "University College",
  "InstitutionalDepartmentName": "Department",
  "MRAcquisitionType": "2D",
  "MagneticFieldStrength": 3,
  "Manufacturer": "Siemens",
  "ManufacturersModelName": "Prisma",
  "MatrixCoilMode": "SENSE",
  "Modality": "MR",
  "NonlinearGradientCorrection": false,
  "PartialFourier": 1,
  "PatientPosition": "HFS",
  "PercentPhaseFOV": 100,
  "PercentSampling": 100,
  "PhaseEncodingDirection": "j-",
  "PhaseEncodingSteps": 106,
  "PhaseResolution": 1,
  "PixelBandwidth": 2620,
  "ProcedureStepDescription": "Egor^MovieProject2",
  "ProtocolName": "task-backtothefuture_run-2",
  "PulseSequenceDetails": "%CustomerSeq%\\cmrr_mbep2d_bold",
  "ReceiveCoilActiveElements": "HEA;HEP",
  "ReceiveCoilName": "Head_32",
  "ReconMatrixPE": 106,
  "RepetitionTime": 1.5,
  "SAR": 0.0768356,
  "ScanOptions": "FS\\EXT",
  "ScanningSequence": "EP",
  "SequenceName": "epfid2d1_106",
  "SequenceVariant": "SK\\SS",
  "SeriesDescription": "task-backtothefuture_run-2_SBRef",
  "SeriesNumber": 6,
  "ShimSetting": [-1533, 673, 7369, 23, -91, 307, 129, -38],
  "SliceThickness": 2,
  "SliceTiming": [0, 0.08, 0.1625, 0.245, 0.3275, 0.41, 0.4925, 0.575, 0.6575, 0.74, 0.82, 0.9025, 0.985, 1.0675, 1.15, 1.2325, 1.315, 1.3975, 1.48, 1.56, 1.6425, 1.725, 1.8075, 1.89, 1.9725, 2.055, 2.1375, 2.22, 2.3, 2.3825, 2.465, 2.5475, 2.63, 2.7125, 2.795, 2.8775, 2.96, 3.04, 3.1225, 3.205, 3.2875, 3.37, 3.4525, 3.535, 3.6175, 3.7, 3.78, 3.8625, 3.945, 4.0275, 4.11, 4.1925, 4.275, 4.3575, 4.44, 4.52, 4.6025, 4.685, 4.7675, 4.85, 4.9325, 5.015, 5.0975, 5.18, 5.26, 5.3425, 5.425, 5.5075, 5.59, 5.6725, 5.755, 5.8375],
  "SoftwareVersions": "syngo MR E11",
  "SpacingBetweenSlices": 2,
  "StationName": "AWP166108",
  "TaskName": "backtothefuture",
  "TotalReadoutTime": 0.0588013,
  "TxRefAmp": 242.85,
  "WipMemBlock": "ff5264f0-c96e-4f33-9a1d-b673f88cdd0e||Sequence: R016 ve11c/master r/e634e98; Dec 19 2017 11:00:25 by eja",
  "dcmmeta_affine": [
    [-2.0, 0.0, 0.0, 106.0],
    [0.0, 2.0, 0.0, -93.759033203125],
    [0.0, 0.0, 2.0, -63.77108383178711],
    [0.0, 0.0, 0.0, 1.0]
],
  "dcmmeta_reorient_transform": [
    [0.0, -1.0, 0.0, 105.0],
    [1.0, 0.0, 0.0, 0.0],
    [0.0, 0.0, 1.0, 0.0],
    [0.0, 0.0, 0.0, 1.0]
],
  "dcmmeta_shape": [106, 106, 72],
  "dcmmeta_slice_dim": 2,
  "dcmmeta_version": 0.6,
  "global": {
    "const": {
      "AcquisitionMatrix": [106, 0, 0, 106],
      "AcquisitionNumber": 1,
      "AcquisitionTime": "143418.632500",
      "AngioFlag": "N",
      "BitsAllocated": 16,
      "BitsStored": 16,
      "BodyPartExamined": "BRAIN",
      "CardiacNumberOfImages": 1,
      "Columns": 954,
      "ContentTime": "143511.905000",
      "EchoNumbers": 1,
      "EchoTime": 35.2,
      "EchoTrainLength": 106,
      "FlipAngle": 60.0,
      "HighBit": 15,
      "ImageOrientationPatient": [1.0, 0.0, 0.0, 0.0, 1.0, 0.0],
      "ImagePositionPatient": [-954.0, -964.24096393585, -63.771083831787],
      "ImageType": [
        "ORIGINAL",
        "PRIMARY",
        "M",
        "ND",
        "MOSAIC"
],
      "ImagedNucleus": "1H",
      "ImagingFrequency": 123.243668,
      "InPlanePhaseEncodingDirection": "COL",
      "InstanceCreationTime": "143511.905000",
      "InstanceNumber": 1,
      "LargestImagePixelValue": 19877,
      "MRAcquisitionType": "2D",
      "MagneticFieldStrength": 3.0,
      "Manufacturer": "SIEMENS",
      "ManufacturerModelName": "Prisma",
      "Modality": "MR",
      "NominalInterval": 0,
      "NumberOfAverages": 1.0,
      "NumberOfPhaseEncodingSteps": 106,
      "PercentPhaseFieldOfView": 100.0,
      "PercentSampling": 100.0,
      "PerformedProcedureStepStartTime": "132905.661000",
      "PhotometricInterpretation": "MONOCHROME2",
      "PixelBandwidth": 2620.0,
      "PixelRepresentation": 0,
      "PixelSpacing": [2.0, 2.0],
      "ProtocolName": "task-backtothefuture_run-2",
      "RepetitionTime": 1500.0,
      "Rows": 954,
      "SAR": 0.07683561746931,
      "SamplesPerPixel": 1,
      "ScanOptions": [
        "FS",
        "EXT"
],
      "ScanningSequence": "EP",
      "SequenceName": "epfid2d1_106",
      "SequenceVariant": [
        "SK",
        "SS"
],
      "SeriesDescription": "task-backtothefuture_run-2_SBRef",
      "SeriesNumber": 6,
      "SeriesTime": "143511.902000",
      "SliceLocation": -63.771083831787,
      "SliceThickness": 2.0,
      "SmallestImagePixelValue": 0,
      "SoftwareVersions": "syngo MR E11",
      "SpacingBetweenSlices": 1.9999999462719,
      "SpecificCharacterSet": "ISO_IR 100",
      "StudyID": "1",
      "StudyTime": "132905.185000",
      "TransmitCoilName": "Body",
      "TriggerTime": 107.5,
      "VariableFlipAngleFlag": "N",
      "WindowCenter": 5046.0,
      "WindowCenterWidthExplanation": "Algo1",
      "WindowWidth": 11342.0,
      "dBdt": 0.0},
    "slices": {}
  }
}