{
    "AcquisitionMatrixPE": 106,
    "AcquisitionNumber": 1,
    "AcquisitionTime": "10:42:51.537500",
    "BandwidthPerPixelPhaseEncode": 13.477,
    "BaseResolution": 106,
    "BodyPartExamined": "BRAIN",
    "CoilCombinationMethod": "Sum of Squares",
    "ConsistencyInfo": "N4_VE11C_LATEST_20160120",
    "ConversionSoftware": "dcm2niix",
    "ConversionSoftwareVersion": "v1.0.20220720",
    "DerivedVendorReportedEchoSpacing": 0.000700005,
    "DeviceSerialNumber": "166108",
    "DwellTime": 2.6e-06,
    "EchoTime": 0.03,
    "EchoTrainLength": 80,
    "EffectiveEchoSpacing": 0.000700005,
    "FlipAngle": 62,
    "HeudiconvVersion": "1.3.0",
    "ImageComments": "Unaliased MB4/PE3/LB",
    "ImageOrientationPatientDICOM": [
        1,
        0,
        0,
        0,
        0.971134,
        -0.238533
    ],
    "ImageOrientationText": "Tra>Cor(-13.8)",
    "ImageType": [
        "ORIGINAL",
        "PRIMARY",
        "M",
        "MB",
        "ND",
        "MOSAIC"
    ],
    "ImagingFrequency": 123.244,
    "InPlanePhaseEncodingDirectionDICOM": "COL",
    "InstitutionAddress": "Bedford Way 26,London,London,GB,WC1H 0AP",
    "InstitutionName": "University College",
    "InstitutionalDepartmentName": "Department",
    "MRAcquisitionType": "2D",
    "MagneticFieldStrength": 3,
    "Manufacturer": "Siemens",
    "ManufacturersModelName": "Prisma",
    "MatrixCoilMode": "SENSE",
    "Modality": "MR",
    "MultibandAccelerationFactor": 4,
    "NonlinearGradientCorrection": false,
    "PartialFourier": 0.75,
    "PatientPosition": "HFS",
    "PercentPhaseFOV": 100,
    "PercentSampling": 100,
    "PhaseEncodingDirection": "j",
    "PhaseEncodingSteps": 80,
    "PhaseResolution": 1,
    "PixelBandwidth": 1815,
    "ProcedureStepDescription": "Egor^MovieProject2",
    "ProtocolName": "func-bold_task-motor_PE-Rev",
    "PulseSequenceDetails": "%CustomerSeq%\\cmrr_mbep2d_bold",
    "ReceiveCoilActiveElements": "HEA;HEP",
    "ReceiveCoilName": "Head_32",
    "ReconMatrixPE": 106,
    "RepetitionTime": 1,
    "SAR": 0.0341336,
    "ScanOptions": "PFP\\FS\\EXT",
    "ScanningSequence": "EP",
    "SequenceName": "epfid2d1_106",
    "SequenceVariant": "SK\\SS",
    "SeriesDescription": "func-bold_task-motor_PE-Rev",
    "SeriesNumber": 8,
    "ShimSetting": [
        -1590,
        654,
        7405,
        209,
        37,
        -10,
        -127,
        3
    ],
    "SliceThickness": 2,
    "SliceTiming": [
        0,
        0.535,
        0.09,
        0.625,
        0.1775,
        0.7125,
        0.2675,
        0.8025,
        0.3575,
        0.8925,
        0.445,
        0,
        0.535,
        0.09,
        0.625,
        0.1775,
        0.7125,
        0.2675,
        0.8025,
        0.3575,
        0.8925,
        0.445,
        0,
        0.535,
        0.09,
        0.625,
        0.1775,
        0.7125,
        0.2675,
        0.8025,
        0.3575,
        0.8925,
        0.445,
        0,
        0.535,
        0.09,
        0.625,
        0.1775,
        0.7125,
        0.2675,
        0.8025,
        0.3575,
        0.8925,
        0.445
    ],
    "SoftwareVersions": "syngo MR E11",
    "SpacingBetweenSlices": 2,
    "StationName": "AWP166108",
    "TotalReadoutTime": 0.0735005,
    "TxRefAmp": 238.66,
    "WipMemBlock": "d67ad045-ce7a-4d59-9c7f-5b2e789c451a||Sequence: R016 ve11c/master r/e634e98; Dec 19 2017 11:00:25 by eja",
    "dcmmeta_affine": [
        [
            -2.0,
            0.0,
            0.0,
            106.0
        ],
        [
            0.0,
            1.9422686100006104,
            -0.47706693410873413,
            -88.909912109375
        ],
        [
            0.0,
            0.47706693410873413,
            1.9422684907913208,
            -23.868043899536133
        ],
        [
            0.0,
            0.0,
            0.0,
            1.0
        ]
    ],
    "dcmmeta_reorient_transform": [
        [
            0.0,
            -1.0,
            0.0,
            105.0
        ],
        [
            1.0,
            0.0,
            0.0,
            0.0
        ],
        [
            0.0,
            0.0,
            1.0,
            0.0
        ],
        [
            0.0,
            0.0,
            0.0,
            1.0
        ]
    ],
    "dcmmeta_shape": [
        106,
        106,
        44,
        2
    ],
    "dcmmeta_slice_dim": 2,
    "dcmmeta_version": 0.6,
    "global": {
        "const": {
            "AcquisitionMatrix": [
                106,
                0,
                0,
                106
            ],
            "AngioFlag": "N",
            "BitsAllocated": 16,
            "BitsStored": 16,
            "BodyPartExamined": "BRAIN",
            "CardiacNumberOfImages": 1,
            "Columns": 742,
            "EchoNumbers": 1,
            "EchoTime": 30.0,
            "EchoTrainLength": 80,
            "FlipAngle": 62.0,
            "HighBit": 15,
            "ImageOrientationPatient": [
                1.0,
                0.0,
                0.0,
                0.0,
                0.97113427618897,
                -0.2385334727264
            ],
            "ImagePositionPatient": [
                -742.0,
                -732.66968663552,
                177.93127445039
            ],
            "ImageType": [
                "ORIGINAL",
                "PRIMARY",
                "M",
                "MB",
                "ND",
                "MOSAIC"
            ],
            "ImagedNucleus": "1H",
            "ImagingFrequency": 123.243681,
            "InPlanePhaseEncodingDirection": "COL",
            "MRAcquisitionType": "2D",
            "MagneticFieldStrength": 3.0,
            "Manufacturer": "SIEMENS",
            "ManufacturerModelName": "Prisma",
            "Modality": "MR",
            "NominalInterval": 0,
            "NumberOfAverages": 1.0,
            "NumberOfPhaseEncodingSteps": 80,
            "PercentPhaseFieldOfView": 100.0,
            "PercentSampling": 100.0,
            "PerformedProcedureStepStartTime": "100135.233000",
            "PhotometricInterpretation": "MONOCHROME2",
            "PixelBandwidth": 1815.0,
            "PixelRepresentation": 0,
            "PixelSpacing": [
                2.0,
                2.0
            ],
            "ProtocolName": "func-bold_task-motor_PE-Rev",
            "RepetitionTime": 1000.0,
            "Rows": 742,
            "SAR": 0.03413361553161,
            "SamplesPerPixel": 1,
            "ScanOptions": [
                "PFP",
                "FS",
                "EXT"
            ],
            "ScanningSequence": "EP",
            "SequenceName": "epfid2d1_106",
            "SequenceVariant": [
                "SK",
                "SS"
            ],
            "SeriesDescription": "func-bold_task-motor_PE-Rev",
            "SeriesNumber": 8,
            "SeriesTime": "104302.739000",
            "SliceLocation": -1.9710852897785,
            "SliceThickness": 2.0,
            "SmallestImagePixelValue": 0,
            "SoftwareVersions": "syngo MR E11",
            "SpacingBetweenSlices": 1.999999991118,
            "SpecificCharacterSet": "ISO_IR 100",
            "StudyID": "1",
            "StudyTime": "100135.184000",
            "TransmitCoilName": "Body",
            "VariableFlipAngleFlag": "N",
            "WindowCenterWidthExplanation": "Algo1",
            "dBdt": 0.0
        },
        "slices": {}
    },
    "time": {
        "samples": {
            "AcquisitionNumber": [
                1,
                2
            ],
            "AcquisitionTime": [
                "104251.537500",
                "104252.537500"
            ],
            "ContentTime": [
                "104302.741000",
                "104302.744000"
            ],
            "InstanceCreationTime": [
                "104302.741000",
                "104302.744000"
            ],
            "InstanceNumber": [
                1,
                2
            ],
            "LargestImagePixelValue": [
                10936,
                10792
            ],
            "TriggerTime": [
                8102.5,
                9102.5
            ],
            "WindowCenter": [
                4893.0,
                4880.0
            ],
            "WindowWidth": [
                10796.0,
                10769.0
            ]
        },
        "slices": {}
    },
    "IntendedFor": [
        "ses-002/func/sub-12_ses-002_task-somatotopy_run-001_bold.nii.gz",
        "ses-002/func/sub-12_ses-002_task-somatotopy_run-002_bold.nii.gz"
    ]
}