{
  "AcquisitionMatrixPE": 106,
  "AcquisitionNumber": 1,
  "AcquisitionTime": "19:12:6.895000",
  "BandwidthPerPixelPhaseEncode": 13.477,
  "BaseResolution": 106,
  "BodyPartExamined": "BRAIN",
  "CoilCombinationMethod": "Sum of Squares",
  "ConsistencyInfo": "N4_VE11C_LATEST_20160120",
  "ConversionSoftware": "dcm2niix",
  "ConversionSoftwareVersion": "v1.0.20220720",
  "DerivedVendorReportedEchoSpacing": 0.000700005,
  "DeviceSerialNumber": "166108",
  "DwellTime": 2.6e-06,
  "EchoTime": 0.03,
  "EchoTrainLength": 80,
  "EffectiveEchoSpacing": 0.000700005,
  "FlipAngle": 62,
  "HeudiconvVersion": "1.3.0",
  "ImageComments": "Single-band reference",
  "ImageOrientationPatientDICOM": [1, 0, 0, 0, 0.994881, -0.101056],
  "ImageOrientationText": "Tra>Cor(-5.8)",
  "ImageType": [
    "ORIGINAL",
    "PRIMARY",
    "M",
    "ND",
    "MOSAIC"
],
  "ImagingFrequency": 123.244,
  "InPlanePhaseEncodingDirectionDICOM": "COL",
  "InstitutionAddress": "Bedford Way 26,London,London,GB,WC1H 0AP",
  "InstitutionName": "University College",
  "InstitutionalDepartmentName": "Department",
  "MRAcquisitionType": "2D",
  "MagneticFieldStrength": 3,
  "Manufacturer": "Siemens",
  "ManufacturersModelName": "Prisma",
  "MatrixCoilMode": "SENSE",
  "Modality": "MR",
  "NonlinearGradientCorrection": false,
  "PartialFourier": 0.75,
  "PatientPosition": "HFS",
  "PercentPhaseFOV": 100,
  "PercentSampling": 100,
  "PhaseEncodingDirection": "j-",
  "PhaseEncodingSteps": 80,
  "PhaseResolution": 1,
  "PixelBandwidth": 1815,
  "ProcedureStepDescription": "Tessa^LHON",
  "ProtocolName": "func-bold_task-motor_run-01",
  "PulseSequenceDetails": "%CustomerSeq%\\cmrr_mbep2d_bold",
  "ReceiveCoilActiveElements": "HEA;HEP",
  "ReceiveCoilName": "Head_32",
  "ReconMatrixPE": 106,
  "RepetitionTime": 1,
  "SAR": 0.0436606,
  "ScanOptions": "PFP\\FS\\EXT",
  "ScanningSequence": "EP",
  "SequenceName": "epfid2d1_106",
  "SequenceVariant": "SK\\SS",
  "SeriesDescription": "func-bold_task-motor_run-01_SBRef",
  "SeriesNumber": 5,
  "ShimSetting": [-1509, 559, 7365, 101, 12, -68, 124, -45],
  "SliceThickness": 2,
  "SliceTiming": [0, 0.09, 0.1775, 0.2675, 0.355, 0.445, 0.535, 0.6225, 0.7125, 0.8025, 0.89, 0.98, 1.07, 1.1575, 1.2475, 1.335, 1.425, 1.515, 1.6025, 1.6925, 1.7825, 1.87, 1.96, 2.0475, 2.1375, 2.2275, 2.315, 2.405, 2.495, 2.5825, 2.6725, 2.7625, 2.85, 2.94, 3.0275, 3.1175, 3.2075, 3.295, 3.385, 3.475, 3.5625, 3.6525, 3.74, 3.83],
  "SoftwareVersions": "syngo MR E11",
  "SpacingBetweenSlices": 2,
  "StationName": "AWP166108",
  "TaskName": "somatotopy",
  "TotalReadoutTime": 0.0735005,
  "TxRefAmp": 217.472,
  "WipMemBlock": "8c9826b4-585f-4353-979b-464274527616||Sequence: R016 ve11c/master r/e634e98; Dec 19 2017 11:00:25 by eja",
  "dcmmeta_affine": [
    [-2.0, 0.0, 0.0, 106.0],
    [0.0, 1.989761471748352, -0.2021125853061676, -89.35852813720703],
    [0.0, 0.2021125853061676, 1.9897613525390625, -11.781874656677246],
    [0.0, 0.0, 0.0, 1.0]
],
  "dcmmeta_reorient_transform": [
    [0.0, -1.0, 0.0, 105.0],
    [1.0, 0.0, 0.0, 0.0],
    [0.0, 0.0, 1.0, 0.0],
    [0.0, 0.0, 0.0, 1.0]
],
  "dcmmeta_shape": [106, 106, 44],
  "dcmmeta_slice_dim": 2,
  "dcmmeta_version": 0.6,
  "global": {
    "const": {
      "AcquisitionMatrix": [106, 0, 0, 106],
      "AcquisitionNumber": 1,
      "AcquisitionTime": "191206.895000",
      "AngioFlag": "N",
      "BitsAllocated": 16,
      "BitsStored": 16,
      "BodyPartExamined": "BRAIN",
      "CardiacNumberOfImages": 1,
      "Columns": 742,
      "ContentTime": "191237.082000",
      "EchoNumbers": 1,
      "EchoTime": 30.0,
      "EchoTrainLength": 80,
      "FlipAngle": 62.0,
      "HighBit": 15,
      "ImageOrientationPatient": [1.0, 0.0, 0.0, 0.0, 0.99488070921592, -0.1010562933717],
      "ImagePositionPatient": [-742.0, -752.31055224773, 73.711749461023],
      "ImageType": [
        "ORIGINAL",
        "PRIMARY",
        "M",
        "ND",
        "MOSAIC"
],
      "ImagedNucleus": "1H",
      "ImagingFrequency": 123.243641,
      "InPlanePhaseEncodingDirection": "COL",
      "InstanceCreationTime": "191237.082000",
      "InstanceNumber": 1,
      "LargestImagePixelValue": 20289,
      "MRAcquisitionType": "2D",
      "MagneticFieldStrength": 3.0,
      "Manufacturer": "SIEMENS",
      "ManufacturerModelName": "Prisma",
      "Modality": "MR",
      "NominalInterval": 0,
      "NumberOfAverages": 1.0,
      "NumberOfPhaseEncodingSteps": 80,
      "PercentPhaseFieldOfView": 100.0,
      "PercentSampling": 100.0,
      "PerformedProcedureStepStartTime": "183732.004000",
      "PhotometricInterpretation": "MONOCHROME2",
      "PixelBandwidth": 1815.0,
      "PixelRepresentation": 0,
      "PixelSpacing": [2.0, 2.0],
      "ProtocolName": "func-bold_task-motor_run-01",
      "RepetitionTime": 1000.0,
      "Rows": 742,
      "SAR": 0.04366057760225,
      "SamplesPerPixel": 1,
      "ScanOptions": [
        "PFP",
        "FS",
        "EXT"
],
      "ScanningSequence": "EP",
      "SequenceName": "epfid2d1_106",
      "SequenceVariant": [
        "SK",
        "SS"
],
      "SeriesDescription": "func-bold_task-motor_run-01_SBRef",
      "SeriesNumber": 5,
      "SeriesTime": "191237.078000",
      "SliceLocation": -2.6913182932217,
      "SliceThickness": 2.0,
      "SmallestImagePixelValue": 0,
      "SoftwareVersions": "syngo MR E11",
      "SpacingBetweenSlices": 1.9999999757411,
      "SpecificCharacterSet": "ISO_IR 100",
      "StudyID": "1",
      "StudyTime": "183731.950000",
      "TransmitCoilName": "Body",
      "TriggerTime": 102.5,
      "VariableFlipAngleFlag": "N",
      "WindowCenter": 6653.0,
      "WindowCenterWidthExplanation": "Algo1",
      "WindowWidth": 14288.0,
      "dBdt": 0.0},
    "slices": {}
  }
}