{
    "AcquisitionMatrixPE": 106,
    "AcquisitionNumber": 1,
    "AcquisitionTime": "19:55:43.617500",
    "BandwidthPerPixelPhaseEncode": 16.846,
    "BaseResolution": 106,
    "BodyPartExamined": "BRAIN",
    "CoilCombinationMethod": "Sum of Squares",
    "ConsistencyInfo": "N4_VE11C_LATEST_20160120",
    "ConversionSoftware": "dcm2niix",
    "ConversionSoftwareVersion": "v1.0.20220720",
    "DerivedVendorReportedEchoSpacing": 0.000560012,
    "DeviceSerialNumber": "166108",
    "DwellTime": 1.8e-06,
    "EchoTime": 0.0352,
    "EchoTrainLength": 106,
    "EffectiveEchoSpacing": 0.000560012,
    "FlipAngle": 60,
    "HeudiconvVersion": "1.3.0",
    "ImageComments": "Unaliased MB4/PE3/LB",
    "ImageOrientationPatientDICOM": [
        1,
        0,
        0,
        0,
        0.934204,
        -0.356738
    ],
    "ImageOrientationText": "Tra>Cor(-20.9)",
    "ImageType": [
        "ORIGINAL",
        "PRIMARY",
        "M",
        "MB",
        "ND",
        "MOSAIC"
    ],
    "ImagingFrequency": 123.244,
    "InPlanePhaseEncodingDirectionDICOM": "COL",
    "InstitutionAddress": "Bedford Way 26,London,London,GB,WC1H 0AP",
    "InstitutionName": "University College",
    "InstitutionalDepartmentName": "Department",
    "MRAcquisitionType": "2D",
    "MagneticFieldStrength": 3,
    "Manufacturer": "Siemens",
    "ManufacturersModelName": "Prisma",
    "MatrixCoilMode": "SENSE",
    "Modality": "MR",
    "MultibandAccelerationFactor": 4,
    "NonlinearGradientCorrection": false,
    "PartialFourier": 1,
    "PatientPosition": "HFS",
    "PercentPhaseFOV": 100,
    "PercentSampling": 100,
    "PhaseEncodingDirection": "j",
    "PhaseEncodingSteps": 106,
    "PhaseResolution": 1,
    "PixelBandwidth": 2620,
    "ProcedureStepDescription": "Egor^MovieProject2",
    "ProtocolName": "func-bold_task-pRF_PE-Rev",
    "PulseSequenceDetails": "%CustomerSeq%\\cmrr_mbep2d_bold",
    "ReceiveCoilActiveElements": "HEA;HEP",
    "ReceiveCoilName": "Head_32",
    "ReconMatrixPE": 106,
    "RepetitionTime": 1,
    "SAR": 0.0576314,
    "ScanOptions": "FS\\EXT",
    "ScanningSequence": "EP",
    "SequenceName": "epfid2d1_106",
    "SequenceVariant": "SK\\SS",
    "SeriesDescription": "func-bold_task-pRF_PE-Rev",
    "SeriesNumber": 18,
    "ShimSetting": [
        -1507,
        654,
        7370,
        140,
        -27,
        220,
        37,
        -60
    ],
    "SliceThickness": 2,
    "SliceTiming": [
        0,
        0.4075,
        0.815,
        0.245,
        0.6525,
        0.08,
        0.49,
        0.8975,
        0.325,
        0.735,
        0.1625,
        0.57,
        0,
        0.4075,
        0.815,
        0.245,
        0.6525,
        0.08,
        0.49,
        0.8975,
        0.325,
        0.735,
        0.1625,
        0.57,
        0,
        0.4075,
        0.815,
        0.245,
        0.6525,
        0.08,
        0.49,
        0.8975,
        0.325,
        0.735,
        0.1625,
        0.57,
        0,
        0.4075,
        0.815,
        0.245,
        0.6525,
        0.08,
        0.49,
        0.8975,
        0.325,
        0.735,
        0.1625,
        0.57
    ],
    "SoftwareVersions": "syngo MR E11",
    "SpacingBetweenSlices": 2,
    "StationName": "AWP166108",
    "TotalReadoutTime": 0.0588013,
    "TxRefAmp": 247.301,
    "WipMemBlock": "38438209-eaeb-41da-8e6d-20c70ac5b8fe||Sequence: R016 ve11c/master r/e634e98; Dec 19 2017 11:00:25 by eja",
    "dcmmeta_affine": [
        [
            -2.0,
            0.0,
            0.0,
            106.0
        ],
        [
            0.0,
            1.8684089183807373,
            -0.7134760022163391,
            -78.53997802734375
        ],
        [
            0.0,
            0.7134759426116943,
            1.8684090375900269,
            -40.295108795166016
        ],
        [
            0.0,
            0.0,
            0.0,
            1.0
        ]
    ],
    "dcmmeta_reorient_transform": [
        [
            0.0,
            -1.0,
            0.0,
            105.0
        ],
        [
            1.0,
            0.0,
            0.0,
            0.0
        ],
        [
            0.0,
            0.0,
            1.0,
            0.0
        ],
        [
            0.0,
            0.0,
            0.0,
            1.0
        ]
    ],
    "dcmmeta_shape": [
        106,
        106,
        48,
        4
    ],
    "dcmmeta_slice_dim": 2,
    "dcmmeta_version": 0.6,
    "global": {
        "const": {
            "AcquisitionMatrix": [
                106,
                0,
                0,
                106
            ],
            "AngioFlag": "N",
            "BitsAllocated": 16,
            "BitsStored": 16,
            "BodyPartExamined": "BRAIN",
            "CardiacNumberOfImages": 1,
            "Columns": 742,
            "EchoNumbers": 1,
            "EchoTime": 35.2,
            "EchoTrainLength": 106,
            "FlipAngle": 60.0,
            "HighBit": 15,
            "ImageOrientationPatient": [
                1.0,
                0.0,
                0.0,
                0.0,
                0.93420447947515,
                -0.3567379858223
            ],
            "ImagePositionPatient": [
                -742.0,
                -711.79701236004,
                261.50522808498
            ],
            "ImageType": [
                "ORIGINAL",
                "PRIMARY",
                "M",
                "MB",
                "ND",
                "MOSAIC"
            ],
            "ImagedNucleus": "1H",
            "ImagingFrequency": 123.243659,
            "InPlanePhaseEncodingDirection": "COL",
            "MRAcquisitionType": "2D",
            "MagneticFieldStrength": 3.0,
            "Manufacturer": "SIEMENS",
            "ManufacturerModelName": "Prisma",
            "Modality": "MR",
            "NominalInterval": 0,
            "NumberOfAverages": 1.0,
            "NumberOfPhaseEncodingSteps": 106,
            "PercentPhaseFieldOfView": 100.0,
            "PercentSampling": 100.0,
            "PerformedProcedureStepStartTime": "183831.058000",
            "PhotometricInterpretation": "MONOCHROME2",
            "PixelBandwidth": 2620.0,
            "PixelRepresentation": 0,
            "PixelSpacing": [
                2.0,
                2.0
            ],
            "ProtocolName": "func-bold_task-pRF_PE-Rev",
            "RepetitionTime": 1000.0,
            "Rows": 742,
            "SAR": 0.05763138204604,
            "SamplesPerPixel": 1,
            "ScanOptions": [
                "FS",
                "EXT"
            ],
            "ScanningSequence": "EP",
            "SequenceName": "epfid2d1_106",
            "SequenceVariant": [
                "SK",
                "SS"
            ],
            "SeriesDescription": "func-bold_task-pRF_PE-Rev",
            "SeriesNumber": 18,
            "SeriesTime": "195600.081000",
            "SliceLocation": -9.6256770204973,
            "SliceThickness": 2.0,
            "SmallestImagePixelValue": 0,
            "SoftwareVersions": "syngo MR E11",
            "SpacingBetweenSlices": 2.0000000332552,
            "SpecificCharacterSet": "ISO_IR 100",
            "StudyID": "1",
            "StudyTime": "183830.993000",
            "TransmitCoilName": "Body",
            "VariableFlipAngleFlag": "N",
            "WindowCenterWidthExplanation": "Algo1",
            "dBdt": 0.0
        },
        "slices": {}
    },
    "time": {
        "samples": {
            "AcquisitionNumber": [
                1,
                2,
                3,
                4
            ],
            "AcquisitionTime": [
                "195543.617500",
                "195544.617500",
                "195545.617500",
                "195546.617500"
            ],
            "ContentTime": [
                "195600.084000",
                "195600.092000",
                "195600.095000",
                "195600.097000"
            ],
            "InstanceCreationTime": [
                "195600.084000",
                "195600.092000",
                "195600.095000",
                "195600.097000"
            ],
            "InstanceNumber": [
                1,
                2,
                3,
                4
            ],
            "LargestImagePixelValue": [
                11148,
                10819,
                10687,
                10581
            ],
            "TriggerTime": [
                8107.5,
                9107.5,
                10107.5,
                11107.5
            ],
            "WindowCenter": [
                4667.0,
                4642.0,
                4629.0,
                4626.0
            ],
            "WindowWidth": [
                10361.0,
                10313.0,
                10288.0,
                10280.0
            ]
        },
        "slices": {}
    },
    "IntendedFor": [
        "ses-002/func/sub-39_ses-002_task-retinotopy_run-001_bold.nii.gz",
        "ses-002/func/sub-39_ses-002_task-retinotopy_run-003_bold.nii.gz",
        "ses-002/func/sub-39_ses-002_task-retinotopy_run-002_bold.nii.gz"
    ]
}